GIT
  remote: git@github.com:thoughtbot/paperback.git
  revision: 6b3efabf7944eef95e2addf6c6b62147e77ea49b
  specs:
    paperback (0.0.1)
      activesupport (~> 3.2.11)
      aws-sdk (~> 1.10.0)
      climate_control (~> 0.0.3)
      cocaine (~> 0.5.1)
      dotenv (~> 0.7.0)
      kindlegen (~> 2.7.0)
      mime-types (~> 1.23)
      nokogiri (~> 1.5.9)
      pdf-reader (~> 1.3.2)
      redcarpet (~> 2.2.2)
      rmagick (~> 2.13.1)
      terminal-table (~> 1.4.5)
      thor (~> 0.16.0)

GEM
  remote: https://rubygems.org/
  specs:
    Ascii85 (1.0.2)
    activesupport (3.2.13)
      i18n (= 0.6.1)
      multi_json (~> 1.0)
    afm (0.2.0)
    aws-sdk (1.10.0)
      json (~> 1.4)
      nokogiri (>= 1.4.4)
      uuidtools (~> 2.1)
    climate_control (0.0.3)
      activesupport (>= 3.0)
    cocaine (0.5.1)
      climate_control (>= 0.0.3, < 1.0)
    dotenv (0.7.0)
    hashery (2.1.0)
    i18n (0.6.1)
    json (1.8.0)
    kindlegen (2.7.0)
      systemu
    mime-types (1.23)
    multi_json (1.7.7)
    nokogiri (1.5.10)
    pdf-reader (1.3.3)
      Ascii85 (~> 1.0.0)
      afm (~> 0.2.0)
      hashery (~> 2.0)
      ruby-rc4
      ttfunk
    redcarpet (2.2.2)
    rmagick (2.13.2)
    ruby-rc4 (0.1.5)
    systemu (2.5.2)
    terminal-table (1.4.5)
    thor (0.16.0)
    ttfunk (1.0.3)
    uuidtools (2.1.4)

PLATFORMS
  ruby

DEPENDENCIES
  paperback!
